{
	"Modality": "MR",
	"MagneticFieldStrength": 3,
	"ImagingFrequency": 123.234,
	"Manufacturer": "Siemens",
	"ManufacturersModelName": "Trio",
	"InstitutionName": "DRCMR HVIDOVRE",
	"InstitutionAddress": "30Kettegaard Alle, Copenhagen, Hvidovre, DK-2650, DK",
	"DeviceSerialNumber": "20511",
	"StationName": "MRC20511",
	"PatientPosition": "HFS",
	"ProcedureStepDescription": "Hjerne projekter^Cimbi_SAD",
	"SoftwareVersions": "syngo MR A30 4VA30A",
	"MRAcquisitionType": "2D",
	"SeriesDescription": "ep2d_pace_cimbi_emotion",
	"ProtocolName": "ep2d_pace_cimbi_emotion",
	"ScanningSequence": "SE\\EP",
	"SequenceVariant": "SK",
	"ScanOptions": "FS",
	"SequenceName": "epfid2d1_64",
	"ImageType": ["ORIGINAL", "PRIMARY", "M", "ND", "MOSAIC"],
	"SeriesNumber": 11,
	"AcquisitionTime": "15:51:17.650010",
	"AcquisitionNumber": 1,
	"ImageComments": "50484",
	"SliceThickness": 3,
	"SpacingBetweenSlices": 3.75,
	"SAR": 0.11007,
	"EchoTime": 0.026,
	"RepetitionTime": 2.5,
	"FlipAngle": 90,
	"PartialFourier": 1,
	"BaseResolution": 64,
	"ShimSetting": [
		2146,
		-5626,
		-863,
		1202,
		1332,
		1488,
		-1024,
		-1039	],
	"TxRefAmp": 290.628,
	"PhaseResolution": 1,
	"ReceiveCoilName": "8_Channel_Head",
	"CoilString": "PH1-8",
	"PulseSequenceDetails": "%CustomerSeq%\\ep2d_pace_ofc_mon_VA25A",
	"PercentPhaseFOV": 100,
	"PercentSampling": 100,
	"PhaseEncodingSteps": 64,
	"AcquisitionMatrixPE": 64,
	"ReconMatrixPE": 64,
	"PixelBandwidth": 2605,
	"PhaseEncodingDirection": "j-",
	"SliceTiming": [
		0,
		1.28049,
		0.0609756,
		1.34146,
		0.121951,
		1.40244,
		0.182927,
		1.46341,
		0.243902,
		1.52439,
		0.304878,
		1.58537,
		0.365854,
		1.64634,
		0.426829,
		1.70732,
		0.487805,
		1.76829,
		0.548781,
		1.82927,
		0.609756,
		1.89024,
		0.670732,
		1.95122,
		0.731707,
		2.0122,
		0.792683,
		2.07317,
		0.853659,
		2.13415,
		0.914634,
		2.19512,
		0.97561,
		2.2561,
		1.03659,
		2.31707,
		1.09756,
		2.37805,
		1.15854,
		2.43902,
		1.21951	],
	"ImageOrientationPatientDICOM": [
		1,
		0,
		0,
		0,
		0.819152,
		-0.573576	],
	"InPlanePhaseEncodingDirectionDICOM": "COL",
	"ConversionSoftware": "dcm2niix",
	"ConversionSoftwareVersion": "v1.0.20210317"
}
