{
	"Modality": "MR",
	"MagneticFieldStrength": 3,
	"ImagingFrequency": 123.234,
	"Manufacturer": "Siemens",
	"ManufacturersModelName": "Trio",
	"InstitutionName": "DRCMR HVIDOVRE",
	"InstitutionAddress": "30Kettegaard Alle, Copenhagen, Hvidovre, DK-2650, DK",
	"DeviceSerialNumber": "20511",
	"StationName": "MRC20511",
	"PatientPosition": "HFS",
	"ProcedureStepDescription": "Hjerne projekter^Cimbi_SAD",
	"SoftwareVersions": "syngo MR A30 4VA30A",
	"MRAcquisitionType": "3D",
	"SeriesDescription": "ss_TE00_TI0200",
	"ProtocolName": "asl_3d_200_3000",
	"ScanningSequence": "SE",
	"SequenceVariant": "SK\\OSP",
	"ScanOptions": "SAT1\\FS",
	"SequenceName": "grs3dASLÔ-B¹?S?$B!D(B3-A",
	"ImageType": ["ORIGINAL", "PRIMARY", "M", "ND"],
	"SeriesNumber": 33,
	"AcquisitionTime": "16:54:47.425000",
	"AcquisitionNumber": 1,
	"ImageComments": "50484",
	"SliceThickness": 4,
	"SAR": 0.111298,
	"NumberOfAverages": 2,
	"EchoTime": 0.01932,
	"RepetitionTime": 3.4,
	"FlipAngle": 180,
	"PartialFourier": 1,
	"BaseResolution": 64,
	"ShimSetting": [
		2143,
		-5627,
		-881,
		772,
		1131,
		1745,
		-680,
		-922	],
	"TxRefAmp": 290.628,
	"PhaseResolution": 1,
	"ReceiveCoilName": "8_Channel_Head",
	"CoilString": "PH1-8",
	"PulseSequenceDetails": "%CustomerSeq%\\mg_grs3d_asl",
	"PercentPhaseFOV": 50,
	"PercentSampling": 100,
	"EchoTrainLength": 16,
	"PhaseEncodingSteps": 33,
	"AcquisitionMatrixPE": 32,
	"ReconMatrixPE": 32,
	"PixelBandwidth": 2790,
	"PhaseEncodingDirection": "i",
	"ImageOrientationPatientDICOM": [
		1,
		-2.05103e-10,
		0,
		2.05103e-10,
		1,
		0	],
	"InPlanePhaseEncodingDirectionDICOM": "ROW",
	"ConversionSoftware": "dcm2niix",
	"ConversionSoftwareVersion": "v1.0.20210317"
}
