{
	"Modality": "MR",
	"MagneticFieldStrength": 3,
	"ImagingFrequency": 123.234,
	"Manufacturer": "Siemens",
	"ManufacturersModelName": "Trio",
	"InstitutionName": "DRCMR HVIDOVRE",
	"InstitutionAddress": "30Kettegaard Alle, Copenhagen, Hvidovre, DK-2650, DK",
	"DeviceSerialNumber": "20511",
	"StationName": "MRC20511",
	"PatientPosition": "HFS",
	"ProcedureStepDescription": "Hjerne projekter^Cimbi_SAD",
	"SoftwareVersions": "syngo MR A30 4VA30A",
	"MRAcquisitionType": "3D",
	"SeriesDescription": "t2_tse3d_vfl_ns_sag",
	"ProtocolName": "t2_tse3d_vfl_ns_sag",
	"ScanningSequence": "SE",
	"SequenceVariant": "SK\\SP\\OSP",
	"SequenceName": "*tse3d1_197ns",
	"ImageType": ["ORIGINAL", "PRIMARY", "M", "ND"],
	"SeriesNumber": 81,
	"AcquisitionTime": "16:58:50.877520",
	"AcquisitionNumber": 1,
	"ImageComments": "50484",
	"SliceThickness": 1.1,
	"SAR": 0.25083,
	"EchoTime": 0.354,
	"RepetitionTime": 3,
	"FlipAngle": 180,
	"PartialFourier": 1,
	"BaseResolution": 256,
	"ShimSetting": [
		2104,
		-5665,
		-873,
		-821,
		118,
		157,
		-628,
		-32	],
	"TxRefAmp": 290.628,
	"PhaseResolution": 1,
	"ReceiveCoilName": "8_Channel_Head",
	"CoilString": "PH1-8",
	"PulseSequenceDetails": "%SiemensSeq%\\tse_vfl",
	"PercentPhaseFOV": 76.5625,
	"PercentSampling": 100,
	"EchoTrainLength": 197,
	"PhaseEncodingSteps": 197,
	"AcquisitionMatrixPE": 196,
	"ReconMatrixPE": 196,
	"PixelBandwidth": 750,
	"PhaseEncodingDirection": "i",
	"ImageOrientationPatientDICOM": [
		-0.0662739,
		0.997801,
		6.32105e-09,
		0.147484,
		0.00979591,
		-0.989016	],
	"InPlanePhaseEncodingDirectionDICOM": "ROW",
	"ConversionSoftware": "dcm2niix",
	"ConversionSoftwareVersion": "v1.0.20210317"
}
