{
	"Modality": "MR",
	"MagneticFieldStrength": 3,
	"ImagingFrequency": 123.234,
	"Manufacturer": "Siemens",
	"ManufacturersModelName": "Trio",
	"InstitutionName": "DRCMR HVIDOVRE",
	"InstitutionAddress": "30Kettegaard Alle, Copenhagen, Hvidovre, DK-2650, DK",
	"DeviceSerialNumber": "20511",
	"StationName": "MRC20511",
	"PatientPosition": "HFS",
	"ProcedureStepDescription": "Hjerne projekter^Cimbi_SAD",
	"SoftwareVersions": "syngo MR A30 4VA30A",
	"MRAcquisitionType": "3D",
	"SeriesDescription": "t1_mpr_ns_sag_1mm_noring",
	"ProtocolName": "t1_mpr_ns_sag_1mm_noring",
	"ScanningSequence": "IR\\GR",
	"SequenceVariant": "SP\\MP",
	"ScanOptions": "IR",
	"SequenceName": "*tfl3d1_ns",
	"ImageType": ["ORIGINAL", "PRIMARY", "M", "ND"],
	"SeriesNumber": 15,
	"AcquisitionTime": "16:05:25.302510",
	"AcquisitionNumber": 1,
	"ImageComments": "50484",
	"SliceThickness": 1,
	"SAR": 0.092177,
	"EchoTime": 0.00304,
	"RepetitionTime": 1.55,
	"InversionTime": 0.8,
	"FlipAngle": 9,
	"PartialFourier": 1,
	"BaseResolution": 256,
	"ShimSetting": [
		2104,
		-5665,
		-873,
		-821,
		118,
		157,
		-628,
		-32	],
	"TxRefAmp": 290.628,
	"PhaseResolution": 1,
	"ReceiveCoilName": "8_Channel_Head",
	"CoilString": "PH1-8",
	"PulseSequenceDetails": "%SiemensSeq%\\tfl",
	"PercentPhaseFOV": 100,
	"PercentSampling": 100,
	"PhaseEncodingSteps": 256,
	"AcquisitionMatrixPE": 256,
	"ReconMatrixPE": 256,
	"PixelBandwidth": 170,
	"ImageOrientationPatientDICOM": [
		-0.0662739,
		0.997801,
		6.32105e-09,
		0.147484,
		0.00979591,
		-0.989016	],
	"InPlanePhaseEncodingDirectionDICOM": "ROW",
	"ConversionSoftware": "dcm2niix",
	"ConversionSoftwareVersion": "v1.0.20210317"
}
