{
	"Modality": "MR",
	"MagneticFieldStrength": 3,
	"ImagingFrequency": 123.234,
	"Manufacturer": "Siemens",
	"ManufacturersModelName": "Trio",
	"InstitutionName": "DRCMR HVIDOVRE",
	"InstitutionAddress": "30Kettegaard Alle, Copenhagen, Hvidovre, DK-2650, DK",
	"DeviceSerialNumber": "20511",
	"StationName": "MRC20511",
	"PatientPosition": "HFS",
	"ProcedureStepDescription": "Hjerne projekter^Cimbi_SAD",
	"SoftwareVersions": "syngo MR A30 4VA30A",
	"MRAcquisitionType": "2D",
	"SeriesDescription": "FMRI_GRE_FIELD2",
	"ProtocolName": "FMRI_GRE_FIELD2",
	"ScanningSequence": "GR",
	"SequenceVariant": "SP",
	"SequenceName": "*fm2d2r",
	"ImageType": ["ORIGINAL", "PRIMARY", "M", "ND"],
	"SeriesNumber": 5,
	"AcquisitionTime": "15:48:47.107520",
	"AcquisitionNumber": 1,
	"ImageComments": "50484",
	"SliceThickness": 3,
	"SpacingBetweenSlices": 3.75,
	"SAR": 0.120278,
	"EchoNumber": 1,
	"EchoTime": 0.00765,
	"RepetitionTime": 0.488,
	"FlipAngle": 60,
	"PartialFourier": 1,
	"BaseResolution": 64,
	"ShimSetting": [
		2147,
		-5624,
		-865,
		1133,
		1443,
		1567,
		-1008,
		-1063	],
	"TxRefAmp": 290.628,
	"PhaseResolution": 1,
	"ReceiveCoilName": "8_Channel_Head",
	"CoilString": "PH1-8",
	"PulseSequenceDetails": "%SiemensSeq%\\gre_field_mapping",
	"PercentPhaseFOV": 100,
	"PercentSampling": 100,
	"PhaseEncodingSteps": 64,
	"AcquisitionMatrixPE": 64,
	"ReconMatrixPE": 64,
	"PixelBandwidth": 260,
	"PhaseEncodingDirection": "i",
	"SliceTiming": [
		0,
		0.25,
		0.01562,
		0.26562,
		0.01562,
		0.26562,
		0.03125,
		0.28125,
		0.04688,
		0.29688,
		0.0625,
		0.3125,
		0.07812,
		0.32812,
		0.07812,
		0.32812,
		0.09375,
		0.34375,
		0.10938,
		0.35938,
		0.125,
		0.375,
		0.125,
		0.375,
		0.14062,
		0.39062,
		0.15625,
		0.40625,
		0.17188,
		0.42188,
		0.17188,
		0.42188,
		0.1875,
		0.4375,
		0.20312,
		0.45312,
		0.21875,
		0.46875,
		0.21875,
		0.46875,
		0.23438	],
	"ImageOrientationPatientDICOM": [
		1,
		-2.02903e-10,
		2.99621e-11,
		2.05103e-10,
		0.989272,
		-0.146083	],
	"InPlanePhaseEncodingDirectionDICOM": "ROW",
	"ConversionSoftware": "dcm2niix",
	"ConversionSoftwareVersion": "v1.0.20210317"
}
